PATH
  remote: .
  specs:
    noticed (1.2.17)
      actionmailer (~> 6.0.0)
      actionpack (~> 6.0.0)
      actionview (~> 6.0.0)
      activerecord (~> 6.0.0)
      activesupport (~> 6.0.0)
      http (>= 4.0.0)
      jets (>= 2.0.0)
      railties (~> 6.0.0)

GEM
  remote: https://rubygems.org/
  specs:
    actionmailer (6.0.3.4)
      actionpack (= 6.0.3.4)
      actionview (= 6.0.3.4)
      activejob (= 6.0.3.4)
      mail (~> 2.5, >= 2.5.4)
      rails-dom-testing (~> 2.0)
    actionpack (6.0.3.4)
      actionview (= 6.0.3.4)
      activesupport (= 6.0.3.4)
      rack (~> 2.0, >= 2.0.8)
      rack-test (>= 0.6.3)
      rails-dom-testing (~> 2.0)
      rails-html-sanitizer (~> 1.0, >= 1.2.0)
    actionview (6.0.3.4)
      activesupport (= 6.0.3.4)
      builder (~> 3.1)
      erubi (~> 1.4)
      rails-dom-testing (~> 2.0)
      rails-html-sanitizer (~> 1.1, >= 1.2.0)
    activejob (6.0.3.4)
      activesupport (= 6.0.3.4)
      globalid (>= 0.3.6)
    activemodel (6.0.3.4)
      activesupport (= 6.0.3.4)
    activerecord (6.0.3.4)
      activemodel (= 6.0.3.4)
      activesupport (= 6.0.3.4)
    activesupport (6.0.3.4)
      concurrent-ruby (~> 1.0, >= 1.0.2)
      i18n (>= 0.7, < 2)
      minitest (~> 5.1)
      tzinfo (~> 1.1)
      zeitwerk (~> 2.2, >= 2.2.2)
    addressable (2.7.0)
      public_suffix (>= 2.0.2, < 5.0)
    ast (2.4.1)
    aws-eventstream (1.1.0)
    aws-mfa-secure (0.4.2)
      activesupport
      aws-sdk-core
      aws_config
      memoist
      rainbow
      thor
      zeitwerk
    aws-partitions (1.386.0)
    aws-sdk-apigateway (1.55.0)
      aws-sdk-core (~> 3, >= 3.109.0)
      aws-sigv4 (~> 1.1)
    aws-sdk-cloudformation (1.44.0)
      aws-sdk-core (~> 3, >= 3.109.0)
      aws-sigv4 (~> 1.1)
    aws-sdk-cloudwatchlogs (1.38.0)
      aws-sdk-core (~> 3, >= 3.109.0)
      aws-sigv4 (~> 1.1)
    aws-sdk-core (3.109.1)
      aws-eventstream (~> 1, >= 1.0.2)
      aws-partitions (~> 1, >= 1.239.0)
      aws-sigv4 (~> 1.1)
      jmespath (~> 1.0)
    aws-sdk-dynamodb (1.55.0)
      aws-sdk-core (~> 3, >= 3.109.0)
      aws-sigv4 (~> 1.1)
    aws-sdk-kinesis (1.30.0)
      aws-sdk-core (~> 3, >= 3.109.0)
      aws-sigv4 (~> 1.1)
    aws-sdk-kms (1.39.0)
      aws-sdk-core (~> 3, >= 3.109.0)
      aws-sigv4 (~> 1.1)
    aws-sdk-lambda (1.51.0)
      aws-sdk-core (~> 3, >= 3.109.0)
      aws-sigv4 (~> 1.1)
    aws-sdk-s3 (1.83.1)
      aws-sdk-core (~> 3, >= 3.109.0)
      aws-sdk-kms (~> 1)
      aws-sigv4 (~> 1.1)
    aws-sdk-sns (1.34.0)
      aws-sdk-core (~> 3, >= 3.109.0)
      aws-sigv4 (~> 1.1)
    aws-sdk-sqs (1.34.0)
      aws-sdk-core (~> 3, >= 3.109.0)
      aws-sigv4 (~> 1.1)
    aws-sdk-ssm (1.95.0)
      aws-sdk-core (~> 3, >= 3.109.0)
      aws-sigv4 (~> 1.1)
    aws-sigv4 (1.2.2)
      aws-eventstream (~> 1, >= 1.0.2)
    aws_config (0.1.0)
    builder (3.2.4)
    byebug (11.1.3)
    cfn_camelizer (0.4.9)
      activesupport
      memoist
      rainbow
    cfnresponse (0.4.0)
    concurrent-ruby (1.1.7)
    crass (1.0.6)
    domain_name (0.5.20190701)
      unf (>= 0.0.5, < 1.0.0)
    dotenv (2.7.6)
    erubi (1.9.0)
    ffi (1.13.1)
    ffi-compiler (1.0.1)
      ffi (>= 1.0.0)
      rake
    gems (1.2.0)
    globalid (0.4.2)
      activesupport (>= 4.2.0)
    hashie (4.1.0)
    http (4.4.1)
      addressable (~> 2.3)
      http-cookie (~> 1.0)
      http-form_data (~> 2.2)
      http-parser (~> 1.2.0)
    http-cookie (1.0.3)
      domain_name (~> 0.5)
    http-form_data (2.3.0)
    http-parser (1.2.1)
      ffi-compiler (>= 1.0, < 2.0)
    i18n (1.8.5)
      concurrent-ruby (~> 1.0)
    jets (2.3.17)
      actionmailer (~> 6.0.0)
      actionpack (~> 6.0.0)
      actionview (~> 6.0.0)
      activerecord (~> 6.0.0)
      activesupport (~> 6.0.0)
      aws-mfa-secure (~> 0.4.0)
      aws-sdk-apigateway
      aws-sdk-cloudformation
      aws-sdk-cloudwatchlogs
      aws-sdk-dynamodb
      aws-sdk-kinesis
      aws-sdk-lambda
      aws-sdk-s3
      aws-sdk-sns
      aws-sdk-sqs
      aws-sdk-ssm
      cfn_camelizer (~> 0.4.6)
      cfnresponse
      dotenv
      gems
      hashie
      jets-gems
      jets-html-sanitizer
      kramdown
      memoist
      mimemagic
      rack
      railties (~> 6.0.0)
      rainbow
      recursive-open-struct
      shotgun
      text-table
      thor
      zeitwerk
    jets-gems (0.2.2)
      gems
    jets-html-sanitizer (1.0.4)
      loofah (~> 2.2, >= 2.2.2)
    jmespath (1.4.0)
    kramdown (2.3.0)
      rexml
    loofah (2.7.0)
      crass (~> 1.0.2)
      nokogiri (>= 1.5.9)
    mail (2.7.1)
      mini_mime (>= 0.1.1)
    memoist (0.16.2)
    method_source (1.0.0)
    mimemagic (0.3.5)
    mini_mime (1.0.2)
    mini_portile2 (2.4.0)
    minitest (5.14.2)
    mocha (1.11.2)
    nokogiri (1.10.10)
      mini_portile2 (~> 2.4.0)
    parallel (1.19.2)
    parser (2.7.2.0)
      ast (~> 2.4.1)
    pg (1.2.3)
    public_suffix (4.0.6)
    rack (2.2.3)
    rack-test (1.1.0)
      rack (>= 1.0, < 3)
    rails-dom-testing (2.0.3)
      activesupport (>= 4.2.0)
      nokogiri (>= 1.6)
    rails-html-sanitizer (1.3.0)
      loofah (~> 2.3)
    railties (6.0.3.4)
      actionpack (= 6.0.3.4)
      activesupport (= 6.0.3.4)
      method_source
      rake (>= 0.8.7)
      thor (>= 0.20.3, < 2.0)
    rainbow (3.0.0)
    rake (13.0.1)
    recursive-open-struct (1.1.3)
    regexp_parser (1.8.2)
    rexml (3.2.4)
    rubocop (1.0.0)
      parallel (~> 1.10)
      parser (>= 2.7.1.5)
      rainbow (>= 2.2.2, < 4.0)
      regexp_parser (>= 1.8)
      rexml
      rubocop-ast (>= 0.6.0)
      ruby-progressbar (~> 1.7)
      unicode-display_width (>= 1.4.0, < 2.0)
    rubocop-ast (1.0.1)
      parser (>= 2.7.1.5)
    rubocop-performance (1.8.1)
      rubocop (>= 0.87.0)
      rubocop-ast (>= 0.4.0)
    ruby-progressbar (1.10.1)
    shotgun (0.9.2)
      rack (>= 1.0)
    standard (0.8.1)
      rubocop (= 1.0.0)
      rubocop-performance (= 1.8.1)
    text-table (1.2.4)
    thor (1.0.1)
    thread_safe (0.3.6)
    tzinfo (1.2.7)
      thread_safe (~> 0.1)
    unf (0.1.4)
      unf_ext
    unf_ext (0.0.7.7)
    unicode-display_width (1.7.0)
    zeitwerk (2.4.0)

PLATFORMS
  ruby

DEPENDENCIES
  byebug
  mocha
  noticed!
  pg
  standard

BUNDLED WITH
   2.1.4
